GIT
  remote: git://github.com/wanglian/ProMotion.git
  revision: 6046dd7f49ba174f309baaa428eaac80ce0290b6
  specs:
    ProMotion (1.1.0.rc1)
      methadone
      motion-require (>= 0.0.6)

GEM
  remote: https://rubygems.org/
  specs:
    methadone (1.3.1)
      bundler
    motion-require (0.0.7)
    rake (10.1.1)
    sugarcube (1.3.5)

PLATFORMS
  ruby

DEPENDENCIES
  ProMotion!
  rake
  sugarcube
